GEM
  remote: https://rubygems.org/
  specs:
    backports (3.6.8)
    bacon (1.2.0)
    multi_json (1.12.1)
    mustermann (1.0.0.beta2)
    mysql2 (0.4.4)
    puma (3.6.0)
    rack (2.0.1)
    rack-protection (2.0.0.beta2)
      rack
    rack-test (0.6.3)
      rack (>= 1.0)
    rake (11.1.2)
    sequel (4.32.0)
    sinatra (2.0.0.beta2)
      mustermann (= 1.0.0.beta2)
      rack (~> 2.0)
      rack-protection (= 2.0.0.beta2)
      tilt (~> 2.0)
    sinatra-contrib (2.0.0.beta2)
      backports (>= 2.0)
      multi_json
      mustermann (= 1.0.0.beta2)
      rack-protection (= 2.0.0.beta2)
      rack-test
      sinatra (= 2.0.0.beta2)
      tilt (>= 1.3, < 3)
    sinatra-sequel (0.9.0)
      bacon
      sequel (>= 3.2.0)
      sinatra (>= 0.9.4)
    sqlite3 (1.3.11)
    tilt (2.0.5)

PLATFORMS
  ruby

DEPENDENCIES
  mysql2 (~> 0.4.3)
  puma (~> 3.6.0)
  rake (~> 11.1.1)
  sequel (~> 4.32.0)
  sinatra (~> 2.0.0.beta2)
  sinatra-contrib (~> 2.0.0.beta2)
  sinatra-sequel (~> 0.9.0)
  sqlite3 (~> 1.3.11)

RUBY VERSION
   ruby 2.3.1p112

BUNDLED WITH
   1.12.5
