GEM
  remote: https://rubygems.org/
  specs:
    kgio (2.8.1)
    mysql (2.9.1)
    rack (1.4.1)
    rack-protection (1.2.0)
      rack
    raindrops (0.12.0)
    sequel (3.35.0)
    sinatra (1.3.2)
      rack (~> 1.3, >= 1.3.6)
      rack-protection (~> 1.2)
      tilt (~> 1.3, >= 1.3.3)
    sinatra-sequel (0.9.0)
      sequel (>= 3.2.0)
      sinatra (>= 0.9.4)
    sqlite3 (1.3.6)
    tilt (1.3.3)
    unicorn (4.7.0)
      kgio (~> 2.6)
      rack
      raindrops (~> 0.7)

PLATFORMS
  ruby

DEPENDENCIES
  mysql
  sequel
  sinatra
  sinatra-sequel
  sqlite3
  unicorn
